GEM
  remote: http://rubygems.org/
  specs:
    adsf (1.2.0)
      rack (>= 1.0.0)
    colored (1.2)
    cri (2.4.1)
      colored (>= 1.2)
    kramdown (1.3.0)
    nanoc (3.6.7)
      cri (~> 2.3)
    rack (1.5.2)
    slim (2.0.2)
      temple (~> 0.6.6)
      tilt (>= 1.3.3, < 2.1)
    temple (0.6.7)
    tilt (2.0.0)

PLATFORMS
  ruby

DEPENDENCIES
  adsf
  kramdown
  nanoc (= 3.6.7)
  slim
